GIT
  remote: git://github.com/plataformatec/simple_form.git
  revision: 5fc9c8c0c1c701c9e0c683495d06036f2ff1579a
  specs:
    simple_form (2.0.2.dev)
      actionpack (~> 3.0)
      activemodel (~> 3.0)

GEM
  remote: http://rubygems.org/
  remote: http://gemcutter.org/
  specs:
    RedCloth (4.2.9)
    actionmailer (3.2.1)
      actionpack (= 3.2.1)
      mail (~> 2.4.0)
    actionpack (3.2.1)
      activemodel (= 3.2.1)
      activesupport (= 3.2.1)
      builder (~> 3.0.0)
      erubis (~> 2.7.0)
      journey (~> 1.0.1)
      rack (~> 1.4.0)
      rack-cache (~> 1.1)
      rack-test (~> 0.6.1)
      sprockets (~> 2.1.2)
    activemodel (3.2.1)
      activesupport (= 3.2.1)
      builder (~> 3.0.0)
    activerecord (3.2.1)
      activemodel (= 3.2.1)
      activesupport (= 3.2.1)
      arel (~> 3.0.0)
      tzinfo (~> 0.3.29)
    activerecord-import (0.2.9)
      activerecord (~> 3.0)
      activerecord (~> 3.0)
    activeresource (3.2.1)
      activemodel (= 3.2.1)
      activesupport (= 3.2.1)
    activesupport (3.2.1)
      i18n (~> 0.6)
      multi_json (~> 1.0)
    acts-as-taggable-on (2.2.2)
      rails (~> 3.0)
    addressable (2.2.7)
    ancestry (1.2.5)
      activerecord (>= 2.2.2)
    ansi (1.4.2)
    arel (3.0.2)
    awesome_nested_set (2.1.2)
      activerecord (>= 3.0.0)
    best_in_place (1.0.6)
      jquery-rails
      rails (~> 3.1)
    builder (3.0.0)
    cancan (1.6.7)
    capybara (1.1.2)
      mime-types (>= 1.16)
      nokogiri (>= 1.3.3)
      rack (>= 1.0.0)
      rack-test (>= 0.5.4)
      selenium-webdriver (~> 2.0)
      xpath (~> 0.1.4)
    carrierwave (0.5.8)
      activesupport (~> 3.0)
    childprocess (0.3.1)
      ffi (~> 1.0.6)
    coffee-rails (3.2.2)
      coffee-script (>= 2.2.0)
      railties (~> 3.2.0)
    coffee-script (2.2.0)
      coffee-script-source
      execjs
    coffee-script-source (1.2.0)
    diff-lcs (1.1.3)
    differ (0.1.2)
    erubis (2.7.0)
    execjs (1.3.0)
      multi_json (~> 1.0)
    extlib (0.9.15)
    factory_girl (2.6.3)
      activesupport (>= 2.3.9)
    factory_girl_rails (1.7.0)
      factory_girl (~> 2.6.0)
      railties (>= 3.0.0)
    faraday (0.7.6)
      addressable (~> 2.2)
      multipart-post (~> 1.1)
      rack (~> 1.1)
    ffaker (1.13.0)
    ffi (1.0.11)
    geocoder (1.1.1)
    geoip (1.1.2)
    hashie (1.2.0)
    hike (1.2.1)
    i18n (0.6.0)
    journey (1.0.3)
    jquery-rails (2.0.1)
      railties (>= 3.2.0, < 5.0)
      thor (~> 0.14)
    json (1.6.5)
    ken (0.2.1)
      addressable
      extlib
      json
    mail (2.4.4)
      i18n (>= 0.4.0)
      mime-types (~> 1.16)
      treetop (~> 1.4.8)
    mime-types (1.17.2)
    money (4.0.2)
      i18n (~> 0.4)
      json
    multi_json (1.1.0)
    multipart-post (1.1.5)
    mysql2 (0.3.11)
    newrelic_rpm (3.3.2.1)
    nokogiri (1.5.2)
    oauth (0.4.5)
    oauth2 (0.5.2)
      faraday (~> 0.7)
      multi_json (~> 1.0)
    omniauth (1.0.3)
      hashie (~> 1.2)
      rack
    omniauth-facebook (1.2.0)
      omniauth-oauth2 (~> 1.0.0)
    omniauth-oauth (1.0.1)
      oauth
      omniauth (~> 1.0)
    omniauth-oauth2 (1.0.0)
      oauth2 (~> 0.5.0)
      omniauth (~> 1.0)
    omniauth-twitter (0.0.8)
      omniauth-oauth (~> 1.0)
    paper_trail (2.6.2)
      rails (~> 3)
    pg (0.13.2)
    polyglot (0.3.3)
    rack (1.4.1)
    rack-cache (1.2)
      rack (>= 0.4)
    rack-ssl (1.3.2)
      rack
    rack-test (0.6.1)
      rack (>= 1.0)
    rails (3.2.1)
      actionmailer (= 3.2.1)
      actionpack (= 3.2.1)
      activerecord (= 3.2.1)
      activeresource (= 3.2.1)
      activesupport (= 3.2.1)
      bundler (~> 1.0)
      railties (= 3.2.1)
    railties (3.2.1)
      actionpack (= 3.2.1)
      activesupport (= 3.2.1)
      rack-ssl (~> 1.3.2)
      rake (>= 0.8.7)
      rdoc (~> 3.4)
      thor (~> 0.14.6)
    rake (0.9.2.2)
    rdoc (3.12)
      json (~> 1.4)
    refraction (0.2.0)
    representable (1.1.2)
      json
      nokogiri
    rest-client (1.6.7)
      mime-types (>= 1.16)
    roar (0.9.2)
      representable (~> 1.1)
    roar-rails (0.0.4)
      actionpack (~> 3.0)
      railties (~> 3.0)
      roar (~> 0.9.2)
      test_xml
    rspec (2.8.0)
      rspec-core (~> 2.8.0)
      rspec-expectations (~> 2.8.0)
      rspec-mocks (~> 2.8.0)
    rspec-core (2.8.0)
    rspec-expectations (2.8.0)
      diff-lcs (~> 1.1.2)
    rspec-mocks (2.8.0)
    rspec-rails (2.8.1)
      actionpack (>= 3.0)
      activesupport (>= 3.0)
      railties (>= 3.0)
      rspec (~> 2.8.0)
    rubyzip (0.9.6.1)
    sass (3.1.15)
    sass-rails (3.2.4)
      railties (~> 3.2.0)
      sass (>= 3.1.10)
      tilt (~> 1.3)
    selenium-webdriver (2.20.0)
      childprocess (>= 0.2.5)
      ffi (~> 1.0)
      multi_json (~> 1.0)
      rubyzip
    shoulda-matchers (1.0.0)
    slim (1.1.1)
      temple (~> 0.4.0)
      tilt (~> 1.3.2)
    sprockets (2.1.2)
      hike (~> 1.2)
      rack (~> 1.0)
      tilt (~> 1.1, != 1.3.0)
    sqlite3 (1.3.5)
    tabs_on_rails (2.1.1)
    temple (0.4.0)
    test_xml (0.1.2)
      nokogiri (>= 1.3.2)
    thor (0.14.6)
    tilt (1.3.3)
    treetop (1.4.10)
      polyglot
      polyglot (>= 0.3.1)
    turn (0.8.2)
      ansi (>= 1.2.2)
    typhoeus (0.3.3)
      mime-types
    tzinfo (0.3.32)
    uglifier (1.2.3)
      execjs (>= 0.3.0)
      multi_json (>= 1.0.2)
    xpath (0.1.4)
      nokogiri (~> 1.3)

PLATFORMS
  ruby

DEPENDENCIES
  RedCloth
  activerecord-import
  acts-as-taggable-on (~> 2.2.2)
  ancestry
  awesome_nested_set
  best_in_place
  cancan
  capybara
  carrierwave
  coffee-rails (~> 3.2.1)
  differ
  factory_girl_rails
  ffaker
  geocoder
  geoip
  jquery-rails
  ken
  money
  mysql2
  newrelic_rpm
  omniauth
  omniauth-facebook
  omniauth-twitter
  paper_trail
  pg
  rails (= 3.2.1)
  refraction
  rest-client
  roar-rails
  rspec-rails
  sass-rails (~> 3.2.3)
  shoulda-matchers
  simple_form!
  slim
  sqlite3
  tabs_on_rails
  turn (= 0.8.2)
  typhoeus
  uglifier (>= 1.0.3)
